PATH
  remote: .
  specs:
    ofc2 (2.0.2)

GEM
  remote: http://rubygems.org/
  specs:
    yard (0.7.4)

PLATFORMS
  ruby

DEPENDENCIES
  ofc2!
  yard
