GEM
  remote: https://rubygems.org/
  specs:
    actionmailer (4.2.11)
      actionpack (= 4.2.11)
      actionview (= 4.2.11)
      activejob (= 4.2.11)
      mail (~> 2.5, >= 2.5.4)
      rails-dom-testing (~> 1.0, >= 1.0.5)
    actionpack (4.2.11)
      actionview (= 4.2.11)
      activesupport (= 4.2.11)
      rack (~> 1.6)
      rack-test (~> 0.6.2)
      rails-dom-testing (~> 1.0, >= 1.0.5)
      rails-html-sanitizer (~> 1.0, >= 1.0.2)
    actionview (4.2.11)
      activesupport (= 4.2.11)
      builder (~> 3.1)
      erubis (~> 2.7.0)
      rails-dom-testing (~> 1.0, >= 1.0.5)
      rails-html-sanitizer (~> 1.0, >= 1.0.3)
    activejob (4.2.11)
      activesupport (= 4.2.11)
      globalid (>= 0.3.0)
    activemodel (4.2.11)
      activesupport (= 4.2.11)
      builder (~> 3.1)
    activerecord (4.2.11)
      activemodel (= 4.2.11)
      activesupport (= 4.2.11)
      arel (~> 6.0)
    activesupport (4.2.11)
      i18n (~> 0.7)
      minitest (~> 5.1)
      thread_safe (~> 0.3, >= 0.3.4)
      tzinfo (~> 1.1)
    addressable (2.4.0)
    arel (6.0.4)
    builder (3.2.3)
    capybara (2.7.0)
      addressable
      mime-types (>= 1.16)
      nokogiri (>= 1.3.3)
      rack (>= 1.0.0)
      rack-test (>= 0.5.4)
      xpath (~> 2.0)
    coderay (1.1.1)
    concurrent-ruby (1.1.4)
    crass (1.0.4)
    daemons (1.2.3)
    diff-lcs (1.2.5)
    erubis (2.7.0)
    eventmachine (1.2.0.1)
    globalid (0.4.2)
      activesupport (>= 4.2.0)
    i18n (0.9.5)
      concurrent-ruby (~> 1.0)
    loofah (2.2.3)
      crass (~> 1.0.2)
      nokogiri (>= 1.5.9)
    mail (2.7.1)
      mini_mime (>= 0.1.1)
    method_source (0.8.2)
    mime-types (3.0)
      mime-types-data (~> 3.2015)
    mime-types-data (3.2016.0221)
    mini_mime (1.0.1)
    mini_portile2 (2.0.0)
    minitest (5.11.3)
    nokogiri (1.6.7.2)
      mini_portile2 (~> 2.0.0.rc2)
    pry (0.10.3)
      coderay (~> 1.1.0)
      method_source (~> 0.8.1)
      slop (~> 3.4)
    rack (1.6.4)
    rack-protection (1.5.3)
      rack
    rack-test (0.6.3)
      rack (>= 1.0)
    rails (4.2.11)
      actionmailer (= 4.2.11)
      actionpack (= 4.2.11)
      actionview (= 4.2.11)
      activejob (= 4.2.11)
      activemodel (= 4.2.11)
      activerecord (= 4.2.11)
      activesupport (= 4.2.11)
      bundler (>= 1.3.0, < 2.0)
      railties (= 4.2.11)
      sprockets-rails
    rails-deprecated_sanitizer (1.0.3)
      activesupport (>= 4.2.0.alpha)
    rails-dom-testing (1.0.9)
      activesupport (>= 4.2.0, < 5.0)
      nokogiri (~> 1.6)
      rails-deprecated_sanitizer (>= 1.0.1)
    rails-html-sanitizer (1.0.4)
      loofah (~> 2.2, >= 2.2.2)
    railties (4.2.11)
      actionpack (= 4.2.11)
      activesupport (= 4.2.11)
      rake (>= 0.8.7)
      thor (>= 0.18.1, < 2.0)
    rake (11.1.2)
    require_all (1.3.3)
    rspec (3.4.0)
      rspec-core (~> 3.4.0)
      rspec-expectations (~> 3.4.0)
      rspec-mocks (~> 3.4.0)
    rspec-core (3.4.4)
      rspec-support (~> 3.4.0)
    rspec-expectations (3.4.0)
      diff-lcs (>= 1.2.0, < 2.0)
      rspec-support (~> 3.4.0)
    rspec-mocks (3.4.1)
      diff-lcs (>= 1.2.0, < 2.0)
      rspec-support (~> 3.4.0)
    rspec-support (3.4.1)
    shotgun (0.9.1)
      rack (>= 1.0)
    sinatra (1.4.7)
      rack (~> 1.5)
      rack-protection (~> 1.4)
      tilt (>= 1.3, < 3)
    slop (3.6.0)
    sprockets (3.7.2)
      concurrent-ruby (~> 1.0)
      rack (> 1, < 3)
    sprockets-rails (3.2.1)
      actionpack (>= 4.0)
      activesupport (>= 4.0)
      sprockets (>= 3.0.0)
    thin (1.6.4)
      daemons (~> 1.0, >= 1.0.9)
      eventmachine (~> 1.0, >= 1.0.4)
      rack (~> 1.0)
    thor (0.20.3)
    thread_safe (0.3.6)
    tilt (2.0.2)
    tzinfo (1.2.5)
      thread_safe (~> 0.1)
    xpath (2.0.0)
      nokogiri (~> 1.3)

PLATFORMS
  ruby

DEPENDENCIES
  capybara
  pry
  rack-test
  rails
  rake
  require_all
  rspec
  shotgun
  sinatra
  thin

BUNDLED WITH
   1.17.3
